PATH
  remote: .
  specs:
    fcg-service-ext (0.0.15)
      activesupport
      guid
      i18n
      json
      mongo_mapper
      ruby-hmac
      yajl-ruby

GEM
  specs:
    activesupport (3.0.3)
    bson (1.2.0)
    diff-lcs (1.1.2)
    guid (0.1.1)
    i18n (0.5.0)
    jnunemaker-validatable (1.8.4)
      activesupport (>= 2.3.4)
    json (1.5.1)
    mongo (1.2.0)
      bson (>= 1.2.0)
    mongo_mapper (0.8.6)
      activesupport (>= 2.3.4)
      jnunemaker-validatable (~> 1.8.4)
      plucky (~> 0.3.6)
    plucky (0.3.6)
      mongo (~> 1.1)
    rspec (2.5.0)
      rspec-core (~> 2.5.0)
      rspec-expectations (~> 2.5.0)
      rspec-mocks (~> 2.5.0)
    rspec-core (2.5.1)
    rspec-expectations (2.5.0)
      diff-lcs (~> 1.1.2)
    rspec-mocks (2.5.0)
    ruby-hmac (0.4.0)
    yajl-ruby (0.8.0)

PLATFORMS
  ruby

DEPENDENCIES
  activesupport
  fcg-service-ext!
  guid
  i18n
  json
  mongo_mapper
  rspec (>= 1.2.9)
  ruby-hmac
  yajl-ruby
