PATH
  remote: .
  specs:
    fcg-service-ext (0.2.0)
      activesupport
      guid
      i18n
      json
      mongo_mapper
      ruby-hmac
      yajl-ruby

GEM
  specs:
    activemodel (3.0.5)
      activesupport (= 3.0.5)
      builder (~> 2.1.2)
      i18n (~> 0.4)
    activesupport (3.0.5)
    bson (1.3.1)
    builder (2.1.2)
    diff-lcs (1.1.2)
    guid (0.1.1)
    i18n (0.6.0)
    json (1.5.2)
    mongo (1.3.1)
      bson (>= 1.3.1)
    mongo_mapper (0.9.1)
      activemodel (~> 3.0)
      activesupport (~> 3.0)
      plucky (~> 0.3.8)
    plucky (0.3.8)
      mongo (~> 1.3)
    rspec (2.5.0)
      rspec-core (~> 2.5.0)
      rspec-expectations (~> 2.5.0)
      rspec-mocks (~> 2.5.0)
    rspec-core (2.5.1)
    rspec-expectations (2.5.0)
      diff-lcs (~> 1.1.2)
    rspec-mocks (2.5.0)
    ruby-hmac (0.4.0)
    yajl-ruby (0.8.2)

PLATFORMS
  ruby

DEPENDENCIES
  fcg-service-ext!
  rspec (>= 1.2.9)
